GIT
  remote: https://github.com/cloudfoundry/cf-uaa-lib.git
  revision: b1e11235dc6cd7d8d4680e005526de37201305ea
  ref: b1e11235dc6cd7d8d4680e005526de37201305ea
  specs:
    cf-uaa-lib (3.1.0)
      multi_json

GIT
  remote: https://github.com/cloudfoundry/delayed_job_sequel.git
  revision: 908f3883e136bdf53d3b7caac1b88710ef1c7742
  specs:
    delayed_job_sequel (4.1.0)
      delayed_job (~> 4.0.0)
      sequel (>= 3.38, < 5.0)
      tzinfo

GIT
  remote: https://github.com/cloudfoundry/vcap-concurrency.git
  revision: 2a5b0179642cb3d3e7f912a6453ec5731979d115
  ref: 2a5b0179
  specs:
    vcap-concurrency (0.1.0)

GIT
  remote: https://github.com/nats-io/ruby-nats
  revision: 8571cf9d685b6063002486614b66a28bad254a64
  ref: 8571cf9d685b6063002486614b66a28bad254a64
  specs:
    nats (0.5.1)
      daemons (~> 1.1, >= 1.2.2)
      eventmachine (~> 1.0, >= 1.0.7)
      json_pure (~> 1.8, >= 1.8.1)
      thin (~> 1.6, >= 1.6.3)

GIT
  remote: https://github.com/zipmark/rspec_api_documentation.git
  revision: de69a7a87adace29f39cbe937ae7bb8da9a4c9c1
  specs:
    rspec_api_documentation (4.4.0)
      activesupport (>= 3.0.0)
      json (~> 1.4, >= 1.4.6)
      mustache (~> 0.99, >= 0.99.4)
      rspec (>= 3.0.0)

GEM
  remote: http://rubygems.org/
  specs:
    actionpack (4.2.5.2)
      actionview (= 4.2.5.2)
      activesupport (= 4.2.5.2)
      rack (~> 1.6)
      rack-test (~> 0.6.2)
      rails-dom-testing (~> 1.0, >= 1.0.5)
      rails-html-sanitizer (~> 1.0, >= 1.0.2)
    actionview (4.2.5.2)
      activesupport (= 4.2.5.2)
      builder (~> 3.1)
      erubis (~> 2.7.0)
      rails-dom-testing (~> 1.0, >= 1.0.5)
      rails-html-sanitizer (~> 1.0, >= 1.0.2)
    activemodel (4.2.5.2)
      activesupport (= 4.2.5.2)
      builder (~> 3.1)
    activesupport (4.2.5.2)
      i18n (~> 0.7)
      json (~> 1.7, >= 1.7.7)
      minitest (~> 5.1)
      thread_safe (~> 0.3, >= 0.3.4)
      tzinfo (~> 1.1)
    addressable (2.4.0)
    allowy (1.0.0)
      activesupport (>= 3.2)
      i18n
    ast (2.2.0)
    awesome_print (1.2.0)
    backports (3.6.8)
    beefcake (1.0.0)
    builder (3.2.2)
    byebug (4.0.5)
      columnize (= 0.9.0)
    clockwork (1.1.0)
      activesupport
      tzinfo
    codeclimate-test-reporter (0.4.8)
      simplecov (>= 0.7.1, < 1.0.0)
    coderay (1.1.0)
    columnize (0.9.0)
    cookiejar (0.3.0)
    crack (0.4.2)
      safe_yaml (~> 1.0.0)
    daemons (1.2.3)
    delayed_job (4.0.6)
      activesupport (>= 3.0, < 5.0)
    diff-lcs (1.2.5)
    docile (1.1.5)
    em-http-request (1.1.3)
      addressable (>= 2.3.4)
      cookiejar (<= 0.3.0)
      em-socksify (>= 0.3)
      eventmachine (>= 1.0.3)
      http_parser.rb (>= 0.6.0)
    em-socksify (0.3.1)
      eventmachine (>= 1.0.0.beta.4)
    erubis (2.7.0)
    eventmachine (1.0.9.1)
    fakefs (0.8.1)
    fluent-logger (0.5.1)
      msgpack (>= 0.4.4, < 0.6.0, != 0.5.3, != 0.5.2, != 0.5.1, != 0.5.0)
    http_parser.rb (0.6.0)
    httpclient (2.7.1)
    i18n (0.7.0)
    json (1.8.3)
    json_pure (1.8.3)
    loggregator_emitter (5.0.1)
      beefcake (~> 1.0.0)
    loofah (2.0.3)
      nokogiri (>= 1.5.9)
    machinist (1.0.6)
    membrane (1.1.0)
    method_source (0.8.2)
    mime-types (2.6.2)
    mini_portile2 (2.0.0)
    minitest (5.8.4)
    msgpack (0.5.12)
    multi_json (1.12.0)
    multipart-post (2.0.0)
    mustache (0.99.8)
    mysql2 (0.3.20)
    netaddr (1.5.0)
    newrelic_rpm (3.12.0.288)
    nokogiri (1.6.7.2)
      mini_portile2 (~> 2.0.0.rc2)
    parallel (1.3.3)
    parallel_tests (1.0.7)
      parallel
    parser (2.3.1.0)
      ast (~> 2.2)
    pg (0.16.0)
    posix-spawn (0.3.11)
    powerpack (0.1.1)
    pry (0.10.1)
      coderay (~> 1.1.0)
      method_source (~> 0.8.1)
      slop (~> 3.4)
    pry-byebug (3.1.0)
      byebug (~> 4.0)
      pry (~> 0.10)
    public_suffix (1.5.3)
    rack (1.6.4)
    rack-protection (1.5.3)
      rack
    rack-test (0.6.3)
      rack (>= 1.0)
    rails-deprecated_sanitizer (1.0.3)
      activesupport (>= 4.2.0.alpha)
    rails-dom-testing (1.0.7)
      activesupport (>= 4.2.0.beta, < 5.0)
      nokogiri (~> 1.6.0)
      rails-deprecated_sanitizer (>= 1.0.1)
    rails-html-sanitizer (1.0.3)
      loofah (~> 2.0)
    railties (4.2.5.2)
      actionpack (= 4.2.5.2)
      activesupport (= 4.2.5.2)
      rake (>= 0.8.7)
      thor (>= 0.18.1, < 2.0)
    rainbow (2.1.0)
    rake (11.1.2)
    rfc822 (0.1.5)
    roodi (4.0.0)
      ruby_parser (~> 3.2, >= 3.2.2)
    rspec (3.4.0)
      rspec-core (~> 3.4.0)
      rspec-expectations (~> 3.4.0)
      rspec-mocks (~> 3.4.0)
    rspec-collection_matchers (1.1.2)
      rspec-expectations (>= 2.99.0.beta1)
    rspec-core (3.4.4)
      rspec-support (~> 3.4.0)
    rspec-expectations (3.4.0)
      diff-lcs (>= 1.2.0, < 2.0)
      rspec-support (~> 3.4.0)
    rspec-instafail (0.2.5)
      rspec
    rspec-its (1.1.0)
      rspec-core (>= 3.0.0)
      rspec-expectations (>= 3.0.0)
    rspec-mocks (3.4.0)
      diff-lcs (>= 1.2.0, < 2.0)
      rspec-support (~> 3.4.0)
    rspec-rails (3.4.0)
      actionpack (>= 3.0, < 4.3)
      activesupport (>= 3.0, < 4.3)
      railties (>= 3.0, < 4.3)
      rspec-core (~> 3.4.0)
      rspec-expectations (~> 3.4.0)
      rspec-mocks (~> 3.4.0)
      rspec-support (~> 3.4.0)
    rspec-support (3.4.1)
    rubocop (0.39.0)
      parser (>= 2.3.0.7, < 3.0)
      powerpack (~> 0.1)
      rainbow (>= 1.99.1, < 3.0)
      ruby-progressbar (~> 1.7)
      unicode-display_width (~> 1.0, >= 1.0.1)
    ruby-progressbar (1.8.0)
    ruby_parser (3.6.3)
      sexp_processor (~> 4.1)
    safe_yaml (1.0.4)
    sequel (4.29.0)
    sexp_processor (4.4.4)
    simplecov (0.9.1)
      docile (~> 1.1.0)
      multi_json (~> 1.0)
      simplecov-html (~> 0.8.0)
    simplecov-html (0.8.0)
    sinatra (1.4.7)
      rack (~> 1.5)
      rack-protection (~> 1.4)
      tilt (>= 1.3, < 3)
    sinatra-contrib (1.4.7)
      backports (>= 2.0)
      multi_json
      rack-protection
      rack-test
      sinatra (~> 1.4.0)
      tilt (>= 1.3, < 3)
    slop (3.6.0)
    statsd-ruby (1.2.1)
    steno (1.3.4)
      fluent-logger
      yajl-ruby (~> 1.0)
    thin (1.6.4)
      daemons (~> 1.0, >= 1.0.9)
      eventmachine (~> 1.0, >= 1.0.4)
      rack (~> 1.0)
    thor (0.19.1)
    thread_safe (0.3.5)
    tilt (2.0.2)
    timecop (0.7.1)
    tzinfo (1.2.2)
      thread_safe (~> 0.1)
    unf (0.1.4)
      unf_ext
    unf_ext (0.0.6)
    unicode-display_width (1.0.5)
    uuidtools (2.1.5)
    vcap_common (4.0.4)
      addressable (~> 2.2)
      cookiejar (<= 0.3.0)
      em-http-request (~> 1.0)
      eventmachine
      httpclient
      membrane (~> 1.0)
      mime-types
      multipart-post
      nats (>= 0.5.0.beta.16, < 0.6)
      posix-spawn (~> 0.3.6)
      steno
      thin
      uuidtools
      vmstat (~> 2.0)
      yajl-ruby
    vmstat (2.1.0)
    webmock (1.20.4)
      addressable (>= 2.3.6)
      crack (>= 0.3.2)
    yajl-ruby (1.2.1)

PLATFORMS
  ruby

DEPENDENCIES
  actionpack (~> 4.2.5.2)
  actionview (~> 4.2.5.2)
  activemodel (~> 4.2.5.2)
  addressable
  allowy
  awesome_print
  byebug
  cf-uaa-lib (~> 3.1.0)!
  clockwork
  codeclimate-test-reporter
  delayed_job_sequel!
  eventmachine (~> 1.0.9)
  fakefs
  httpclient
  i18n
  loggregator_emitter (~> 5.0)
  machinist (~> 1.0.6)
  membrane (~> 1.0)
  mime-types (~> 2.6.2)
  multi_json
  mysql2 (= 0.3.20)
  nats!
  netaddr
  newrelic_rpm (= 3.12.0.288)
  nokogiri (~> 1.6.2)
  parallel_tests
  pg (= 0.16.0)
  pry-byebug
  public_suffix
  rack-test
  railties (~> 4.2.5.2)
  rake
  rfc822
  roodi
  rspec (~> 3.0)
  rspec-collection_matchers
  rspec-instafail
  rspec-its
  rspec-rails
  rspec_api_documentation!
  rubocop
  sequel
  sinatra (~> 1.4)
  sinatra-contrib
  statsd-ruby
  steno
  thin (~> 1.6.0)
  timecop
  unf
  vcap-concurrency!
  vcap_common (~> 4.0.4)
  webmock
  yajl-ruby

BUNDLED WITH
   1.12.1
